GEM
  remote: https://rubygems.org/
  specs:
    POpen4 (0.1.4)
      Platform (>= 0.4.0)
      open4
    Platform (0.4.0)
    adsf (1.2.1)
      rack (>= 1.0.0)
    colored (1.2)
    concurrent-ruby (1.0.5)
    cri (2.9.1)
      colored (~> 1.2)
    ddplugin (1.0.1)
    execjs (2.7.0)
    hamster (3.0.0)
      concurrent-ruby (~> 1.0)
    html_compressor (0.0.3)
      POpen4 (>= 0.1.4)
    htmlentities (4.3.4)
    json (2.1.0)
    kramdown (1.13.2)
    mini_portile2 (2.4.0)
    nanoc (4.8.0)
      cri (~> 2.8)
      ddplugin (~> 1.0)
      hamster (~> 3.0)
      ref (~> 2.0)
    nokogiri (1.10.4)
      mini_portile2 (~> 2.4.0)
    open4 (1.3.4)
    rack (2.0.3)
    rainpress (1.0.1)
    ref (2.0.0)
    sass (3.4.25)
    stringex (2.7.1)
    systemu (2.6.5)
    uglifier (3.2.0)
      execjs (>= 0.3.0, < 3)
    w3c_validators (1.3.2)
      json (>= 1.8)
      nokogiri (~> 1.6)

PLATFORMS
  ruby

DEPENDENCIES
  adsf
  html_compressor
  htmlentities
  kramdown
  nanoc (~> 4.0)
  nokogiri
  rack
  rainpress
  sass
  stringex
  systemu
  uglifier
  w3c_validators

BUNDLED WITH
   1.14.6
